GEM
  remote: https://rubygems.org/
  specs:
    pairing_heap (3.1.0)
    rexml (3.3.9)
    rgl (0.6.6)
      pairing_heap (>= 0.3, < 4.0)
      rexml (~> 3.2, >= 3.2.4)
      stream (~> 0.5.3)
    stream (0.5.5)

PLATFORMS
  ruby
  x86_64-linux

DEPENDENCIES
  rgl

BUNDLED WITH
   2.5.3
